GEM
  remote: https://rubygems.org/
  specs:
    coderay (1.1.3)
    method_source (1.0.0)
    pry (0.14.1)
      coderay (~> 1.1)
      method_source (~> 1.0)
    text-table (1.2.4)

PLATFORMS
  x86_64-linux

DEPENDENCIES
  pry
  text-table

BUNDLED WITH
   2.3.22
